GEM
  remote: http://rubygems.org/
  specs:
    SystemTimer (1.2.3)
    daemons (1.1.3)
    eventmachine (0.12.10)
    json (1.5.1)
    rack (1.6.12)
    redis (2.2.0)
    sinatra (1.2.6)
      rack (~> 1.1)
      tilt (>= 1.2.2, < 2.0)
    thin (1.2.11)
      daemons (>= 1.0.9)
      eventmachine (>= 0.12.6)
      rack (>= 1.0.0)
    tilt (1.3.1)

PLATFORMS
  ruby

DEPENDENCIES
  SystemTimer
  json
  redis
  sinatra
  thin
